PATH
  remote: .
  specs:
    rill (0.1.3)

GEM
  remote: http://rubygems.org/
  specs:
    activesupport (3.2.11)
      i18n (~> 0.6)
      multi_json (~> 1.0)
    ansi (1.4.3)
    i18n (0.6.1)
    multi_json (1.5.0)
    turn (0.9.6)
      ansi

PLATFORMS
  ruby

DEPENDENCIES
  activesupport (= 3.2.11)
  rill!
  turn
